GIT
  remote: https://github.com/openc/openc_bot.git
  revision: 06e0beb7074807d1932c15393dfd26947fb2f414
  specs:
    openc_bot (0.0.12)
      activesupport (= 3.2.17)
      backports
      httpclient
      json
      json-schema
      nokogiri
      rake
      scraperwiki (= 3.0.2)

GEM
  remote: https://rubygems.org/
  specs:
    activesupport (3.2.17)
      i18n (~> 0.6, >= 0.6.4)
      multi_json (~> 1.0)
    backports (3.6.0)
    chronic (0.10.2)
    httpclient (2.3.4.1)
    i18n (0.6.9)
    json (1.8.1)
    json-schema (2.2.2)
    mini_portile (0.6.0)
    multi_json (1.10.1)
    nokogiri (1.6.2.1)
      mini_portile (= 0.6.0)
    rake (10.3.2)
    scraperwiki (3.0.2)
      httpclient
      sqlite_magic
    sqlite3 (1.3.9)
    sqlite_magic (0.0.3)
      sqlite3

PLATFORMS
  ruby

DEPENDENCIES
  activesupport
  chronic
  nokogiri
  openc_bot!
